Brain Vision Data Exchange Header File Version 1.0
; Data created by the BrainVision Recorder for CGX - V. 2.01.0001

[Common Infos]
Codepage=UTF-8
DataFile=right_wristofswayam.eeg
MarkerFile=right_wristofswayam.vmrk
DataFormat=BINARY
; Data orientation: MULTIPLEXED=ch1,pt1, ch2,pt1 ...
DataOrientation=MULTIPLEXED
NumberOfChannels=30
; Sampling interval in microseconds
SamplingInterval=2000

[Binary Infos]
BinaryFormat=IEEE_FLOAT_32

[Channel Infos]
; Each entry: Ch<Channel number>=<Name>,<Reference channel name>,
; <Resolution in "Unit">,<Unit>, Future extensions..
; Fields are delimited by commas, some fields might be omitted (empty).
; Commas in channel names are coded as "\1".
Ch1=AF7,,0.0993411,μV
Ch2=Fpz,,0.0993411,μV
Ch3=F7,,0.0993411,μV
Ch4=Fz,,0.0993411,μV
Ch5=T7,,0.0993411,μV
Ch6=FC6,,0.0993411,μV
Ch7=Fp1,,0.0993411,μV
Ch8=F4,,0.0993411,μV
Ch9=C4,,0.0993411,μV
Ch10=Oz,,0.0993411,μV
Ch11=CP6,,0.0993411,μV
Ch12=Cz,,0.0993411,μV
Ch13=PO8,,0.0993411,μV
Ch14=CP5,,0.0993411,μV
Ch15=O2,,0.0993411,μV
Ch16=O1,,0.0993411,μV
Ch17=P3,,0.0993411,μV
Ch18=P4,,0.0993411,μV
Ch19=P7,,0.0993411,μV
Ch20=P8,,0.0993411,μV
Ch21=Pz,,0.0993411,μV
Ch22=PO7,,0.0993411,μV
Ch23=T8,,0.0993411,μV
Ch24=C3,,0.0993411,μV
Ch25=Fp2,,0.0993411,μV
Ch26=F3,,0.0993411,μV
Ch27=F8,,0.0993411,μV
Ch28=FC5,,0.0993411,μV
Ch29=AF8,,0.0993411,μV
Ch30=ACCz,,0.108991,mg₀

[Comment]
BrainVision Recorder for CGX - V. 2.01.0001
Amplifier: Quick-32r

A m p l i f i e r  S e t u p
============================

Number of channels:     30
Sampling rate [Hz]:     500
Sampling interval [µs]: 2000

Channels
--------
#     Name      Phys. chn. Resolution / unit 
1     AF7       2          0.0993411         μV      
2     Fpz       3          0.0993411         μV      
3     F7        4          0.0993411         μV      
4     Fz        5          0.0993411         μV      
5     T7        6          0.0993411         μV      
6     FC6       7          0.0993411         μV      
7     Fp1       8          0.0993411         μV      
8     F4        9          0.0993411         μV      
9     C4        10         0.0993411         μV      
10    Oz        11         0.0993411         μV      
11    CP6       12         0.0993411         μV      
12    Cz        13         0.0993411         μV      
13    PO8       14         0.0993411         μV      
14    CP5       15         0.0993411         μV      
15    O2        16         0.0993411         μV      
16    O1        17         0.0993411         μV      
17    P3        18         0.0993411         μV      
18    P4        19         0.0993411         μV      
19    P7        20         0.0993411         μV      
20    P8        21         0.0993411         μV      
21    Pz        22         0.0993411         μV      
22    PO7       23         0.0993411         μV      
23    T8        24         0.0993411         μV      
24    C3        25         0.0993411         μV      
25    Fp2       26         0.0993411         μV      
26    F3        27         0.0993411         μV      
27    F8        28         0.0993411         μV      
28    FC5       29         0.0993411         μV      
29    AF8       30         0.0993411         μV      
30    ACCz      36         0.108991          mg₀     

==== Recording filters ==========
Disabled

Impedance [kOhm] at: 18:15:07
AF7:  33.6569
Fpz:  30.1631
F7:   146.346
Fz:   118.994
T7:   497.801
FC6:  289.413
Fp1:  33.4688
F4:   240.235
C4:   896.29
Oz:   324.811
CP6:  998.334
Cz:   367.123
PO8:  210.656
CP5:  662.814
O2:   467.112
O1:   440.268
P3:   421.504
P4:   1736.71
P7:   318.903
P8:   530.486
Pz:   650.742
PO7:  404.723
T8:   195.664
C3:   320.457
Fp2:  33.3245
F3:   350.071
F8:   189.217
FC5:  286.379
AF8:  35.3032
